GEM
  remote: http://rubygems.org/
  specs:
    rake (10.4.2)
    rake-hooks (1.2.3)
      rake
    rego-js-builder (0.0.2)
    rego-ruby-ext (0.0.6)

PLATFORMS
  ruby

DEPENDENCIES
  rake-hooks
  rego-js-builder
  rego-ruby-ext
